PATH
  remote: .
  specs:
    railroad-switch (0.1.0)

GEM
  remote: https://rubygems.org/
  specs:
    byebug (11.0.0)
    minitest (5.11.3)
    rack (2.0.6)
    rack-test (1.1.0)
      rack (>= 1.0, < 3)
    rake (12.3.2)

PLATFORMS
  ruby

DEPENDENCIES
  bundler
  byebug
  minitest
  rack-test
  railroad-switch!
  rake

BUNDLED WITH
   1.17.1
